GEM
  remote: https://rubygems.org/
  specs:
    diff-lcs (1.5.0)
    mysql2 (0.5.3)
    rspec (3.10.0)
      rspec-core (~> 3.10.0)
      rspec-expectations (~> 3.10.0)
      rspec-mocks (~> 3.10.0)
    rspec-core (3.10.2)
      rspec-support (~> 3.10.0)
    rspec-expectations (3.10.2)
      diff-lcs (>= 1.2.0, < 2.0)
      rspec-support (~> 3.10.0)
    rspec-mocks (3.10.3)
      diff-lcs (>= 1.2.0, < 2.0)
      rspec-support (~> 3.10.0)
    rspec-support (3.10.3)
    sequel (5.53.0)

PLATFORMS
  x86_64-linux

DEPENDENCIES
  mysql2 (~> 0.5.2)
  rspec (~> 3.0)
  sequel (~> 5.53)

BUNDLED WITH
   2.3.6
